GEM
  remote: https://rubygems.org/
  specs:
    coderay (1.1.2)
    httparty (0.15.6)
      multi_xml (>= 0.5.2)
    method_source (0.8.2)
    multi_xml (0.6.0)
    mustermann (1.0.1)
    openssl (2.0.5)
    pry (0.10.4)
      coderay (~> 1.1.0)
      method_source (~> 0.8.1)
      slop (~> 3.4)
    rack (2.0.3)
    rack-protection (2.0.0)
      rack
    sinatra (2.0.0)
      mustermann (~> 1.0)
      rack (~> 2.0)
      rack-protection (= 2.0.0)
      tilt (~> 2.0)
    slop (3.6.0)
    tilt (2.0.8)

PLATFORMS
  ruby

DEPENDENCIES
  httparty
  openssl
  pry
  sinatra

BUNDLED WITH
   1.15.0
